PATH
  remote: .
  specs:
    code-ruby (0.7.3)
      bigdecimal (~> 3)
      language-ruby (~> 0)
      zeitwerk (~> 2)

GEM
  remote: https://rubygems.org/
  specs:
    bigdecimal (3.1.6)
    diff-lcs (1.5.1)
    language-ruby (0.6.2)
      zeitwerk (~> 2)
    rspec (3.13.0)
      rspec-core (~> 3.13.0)
      rspec-expectations (~> 3.13.0)
      rspec-mocks (~> 3.13.0)
    rspec-core (3.13.0)
      rspec-support (~> 3.13.0)
    rspec-expectations (3.13.0)
      diff-lcs (>= 1.2.0, < 2.0)
      rspec-support (~> 3.13.0)
    rspec-mocks (3.13.0)
      diff-lcs (>= 1.2.0, < 2.0)
      rspec-support (~> 3.13.0)
    rspec-support (3.13.0)
    ruby-prof (1.7.0)
    zeitwerk (2.6.13)

PLATFORMS
  arm64-darwin-23
  ruby

DEPENDENCIES
  code-ruby!
  rspec
  ruby-prof

RUBY VERSION
   ruby 3.3.0p0

BUNDLED WITH
   2.5.6
